PATH
  remote: .
  specs:
    filedialog (0.1.0)

GEM
  remote: https://rubygems.org/
  specs:
    coderay (1.1.2)
    method_source (0.9.2)
    os (1.0.1)
    pkg-config (1.4.1)
    pry (0.12.2)
      coderay (~> 1.1.0)
      method_source (~> 0.9.0)
    rake (12.3.3)
    rake-compiler (1.1.0)
      rake

PLATFORMS
  ruby

DEPENDENCIES
  filedialog!
  os (~> 1.0)
  pkg-config (~> 1.4)
  pry (~> 0.12.2)
  rake (~> 12.0)
  rake-compiler (~> 1.1)

BUNDLED WITH
   2.1.4
