PATH
  remote: .
  specs:
    filedialog (0.1.0)
      os (~> 1.0)
      rake (~> 13.0)

GEM
  remote: https://rubygems.org/
  specs:
    coderay (1.1.2)
    method_source (0.9.2)
    os (1.0.1)
    pry (0.12.2)
      coderay (~> 1.1.0)
      method_source (~> 0.9.0)
    rake (13.0.1)
    rake-compiler (1.1.0)
      rake

PLATFORMS
  ruby

DEPENDENCIES
  filedialog!
  pry (~> 0.12.2)
  rake-compiler (~> 1.1)

BUNDLED WITH
   2.1.4
